GEM
  remote: https://rubygems.org/
  specs:
    akami (1.2.2)
      gyoku (>= 0.4.0)
      nokogiri
    builder (3.2.2)
    coderay (1.0.8)
    diff-lcs (1.1.3)
    guard (1.6.2)
      listen (>= 0.6.0)
      lumberjack (>= 1.0.2)
      pry (>= 0.9.10)
      terminal-table (>= 1.4.3)
      thor (>= 0.14.6)
    guard-rspec (2.4.0)
      guard (>= 1.1)
      rspec (~> 2.11)
    gyoku (1.1.1)
      builder (>= 2.1.2)
    hoe (3.5.2)
      rake (>= 0.8, < 11.0)
    hoe-bundler (1.2.0)
      hoe (>= 2.2.0)
    hoe-git (1.5.0)
      hoe (>= 2.2.0)
    httpclient (2.3.2)
    httpi (2.2.7)
      rack
    json (1.7.6)
    listen (0.7.2)
    lumberjack (1.0.2)
    macaddr (1.7.1)
      systemu (~> 2.6.2)
    method_source (0.8.1)
    nokogiri (1.5.6)
    nori (2.4.0)
    pry (0.9.11.4)
      coderay (~> 1.0.5)
      method_source (~> 0.8)
      slop (~> 3.4)
    rack (1.5.2)
    rake (0.8.7)
    rb-fsevent (0.9.3)
    rcov (1.0.0)
    rdoc (3.12.1)
      json (~> 1.4)
    rspec (2.12.0)
      rspec-core (~> 2.12.0)
      rspec-expectations (~> 2.12.0)
      rspec-mocks (~> 2.12.0)
    rspec-core (2.12.2)
    rspec-expectations (2.12.1)
      diff-lcs (~> 1.1.3)
    rspec-mocks (2.12.2)
    savon (2.7.2)
      akami (~> 1.2.0)
      builder (>= 2.1.2)
      gyoku (~> 1.1.0)
      httpi (~> 2.2.3)
      nokogiri (>= 1.4.0)
      nori (~> 2.4.0)
      uuid (~> 2.3.7)
      wasabi (~> 3.3.0)
    slop (3.4.3)
    systemu (2.6.4)
    terminal-table (1.4.5)
    thor (0.17.0)
    uuid (2.3.7)
      macaddr (~> 1.0)
    wasabi (3.3.1)
      httpi (~> 2.0)
      nokogiri (>= 1.4.0)

PLATFORMS
  ruby

DEPENDENCIES
  bundler (> 0)
  guard (> 0)
  guard-rspec (> 0)
  hoe (> 0)
  hoe-bundler (> 0)
  hoe-git (> 0)
  httpclient (> 0)
  httpi (> 0)
  nokogiri (= 1.5.6)
  rake (< 0.9)
  rb-fsevent (~> 0.9.1)
  rcov (> 0)
  rdoc (~> 3.10)
  rspec (> 0)
  savon (~> 2.0)
